GIT
  remote: git://github.com/lotus/controller.git
  revision: 3010d2fbff77faea933381c9389d49c47867bf38
  specs:
    lotus-controller (0.4.0)
      lotus-utils (~> 0.4)
      lotus-validations (~> 0.3)
      rack (~> 1.5)

GIT
  remote: git://github.com/lotus/helpers.git
  revision: 51c44e782ae64b7a17b9e9271402541739fce27f
  specs:
    lotus-helpers (0.1.0)
      lotus-utils (~> 0.4)

GIT
  remote: git://github.com/lotus/lotus.git
  revision: 31f392a2b58e08da14c0c3f106392f3a2160cff5
  specs:
    lotusrb (0.3.0)
      dotenv (~> 1.0)
      lotus-controller (~> 0.4)
      lotus-helpers (~> 0.1)
      lotus-router (~> 0.3)
      lotus-utils (~> 0.4)
      lotus-view (~> 0.4)
      shotgun (~> 0.9)
      thor (~> 0.19)

GIT
  remote: git://github.com/lotus/model.git
  revision: 0d535e467f5f8dd6ca7653c3d790c2dcb5c676ab
  specs:
    lotus-model (0.3.0)
      lotus-utils (~> 0.4)
      sequel (~> 4.9)

GIT
  remote: git://github.com/lotus/router.git
  revision: 3114f5a6378d68b92a07ff09518285a62f8fc185
  specs:
    lotus-router (0.3.0)
      http_router (~> 0.11)
      lotus-utils (~> 0.4)

GIT
  remote: git://github.com/lotus/utils.git
  revision: c1fb23132d3f4bc73a9d99b602f0fb4672c9761e
  specs:
    lotus-utils (0.4.0)

GIT
  remote: git://github.com/lotus/view.git
  revision: 6bd379e814ae2d19ada1d66553b24433ef135316
  specs:
    lotus-view (0.4.0)
      lotus-utils (~> 0.4)
      tilt (~> 2.0, >= 2.0.1)

GEM
  remote: https://rubygems.org/
  specs:
    activesupport (4.2.1)
      i18n (~> 0.7)
      json (~> 1.7, >= 1.7.7)
      minitest (~> 5.1)
      thread_safe (~> 0.3, >= 0.3.4)
      tzinfo (~> 1.1)
    bcrypt (3.1.10)
    builder (3.2.2)
    byebug (4.0.3)
      columnize (= 0.9.0)
    capybara (2.4.4)
      mime-types (>= 1.16)
      nokogiri (>= 1.3.3)
      rack (>= 1.0.0)
      rack-test (>= 0.5.4)
      xpath (~> 2.0)
    columnize (0.9.0)
    dotenv (1.0.2)
    foreman (0.78.0)
      thor (~> 0.19.1)
    http_router (0.11.1)
      rack (>= 1.0.0)
      url_mount (~> 0.2.1)
    i18n (0.7.0)
    json (1.8.2)
    lotus-validations (0.3.0)
      lotus-utils (~> 0.4)
    mime-types (2.4.3)
    mini_portile (0.6.2)
    minitest (5.5.1)
    nokogiri (1.6.6.2)
      mini_portile (~> 0.6.0)
    pg (0.18.1)
    puma (2.11.1)
      rack (>= 1.1, < 2.0)
    rack (1.6.0)
    rack-test (0.6.3)
      rack (>= 1.0)
    rake (10.4.2)
    representative (1.0.5)
      activesupport (>= 2.2.2)
      builder (>= 2.1.2)
      i18n (>= 0.4.1)
      nokogiri (>= 1.4.2)
    sequel (4.20.0)
    shotgun (0.9.1)
      rack (>= 1.0)
    sqlite3 (1.3.10)
    thor (0.19.1)
    thread_safe (0.3.5)
    tilt (2.0.1)
    tzinfo (1.2.2)
      thread_safe (~> 0.1)
    url_mount (0.2.1)
      rack
    xpath (2.0.0)
      nokogiri (~> 1.3)

PLATFORMS
  ruby

DEPENDENCIES
  bcrypt
  bundler
  byebug
  capybara
  foreman
  lotus-controller!
  lotus-helpers!
  lotus-model!
  lotus-router!
  lotus-utils!
  lotus-view!
  lotusrb!
  minitest
  pg
  puma
  rake
  representative
  sqlite3
