GIT
  remote: git://github.com/lotus/controller.git
  revision: 534fc0efe5437b70fa570d676267dd45a7cbd035
  specs:
    lotus-controller (0.3.0)
      lotus-utils (~> 0.3, >= 0.3.2)
      lotus-validations (~> 0.2, >= 0.2.1)
      rack (~> 1.5)

GIT
  remote: git://github.com/lotus/lotus.git
  revision: df489cb5f780c49ed63ceccc7b9e473ebd4eed09
  specs:
    lotusrb (0.2.0)
      dotenv (~> 1.0)
      lotus-controller (~> 0.3)
      lotus-router (~> 0.2)
      lotus-utils (~> 0.3, >= 0.3.2)
      lotus-view (~> 0.3)
      shotgun (~> 0.9)
      thor (~> 0.19)

GIT
  remote: git://github.com/lotus/model.git
  revision: 329b043936e3dc318aa7ba4bc129169f0500cfdf
  specs:
    lotus-model (0.2.0)
      lotus-utils (~> 0.3, >= 0.3.2)
      sequel (~> 4.9)

GIT
  remote: git://github.com/lotus/router.git
  revision: de5bf731fdafe707147689b23e97162df69eeeb5
  specs:
    lotus-router (0.2.0)
      http_router (~> 0.11)
      lotus-utils (~> 0.3, >= 0.3.2)

GIT
  remote: git://github.com/lotus/utils.git
  revision: 1882f349881dba1eb9e54e1c60cf976651b4391d
  specs:
    lotus-utils (0.3.2)

GIT
  remote: git://github.com/lotus/validations.git
  revision: 7f9dafbf9f6300076c3ca4e454ae5a8e33e1c8c0
  specs:
    lotus-validations (0.2.1)
      lotus-utils (~> 0.3, >= 0.3.2)

GIT
  remote: git://github.com/lotus/view.git
  revision: 07b287168b029564e40cc53e754be58b8e9aa997
  specs:
    lotus-view (0.3.0)
      lotus-utils (~> 0.3, >= 0.3.2)
      tilt (~> 2.0, >= 2.0.1)

GEM
  remote: https://rubygems.org/
  specs:
    byebug (3.5.1)
      columnize (~> 0.8)
      debugger-linecache (~> 1.2)
      slop (~> 3.6)
    capybara (2.4.4)
      mime-types (>= 1.16)
      nokogiri (>= 1.3.3)
      rack (>= 1.0.0)
      rack-test (>= 0.5.4)
      xpath (~> 2.0)
    columnize (0.9.0)
    debugger-linecache (1.2.0)
    dotenv (1.0.2)
    http_router (0.11.1)
      rack (>= 1.0.0)
      url_mount (~> 0.2.1)
    mime-types (2.4.3)
    mini_portile (0.6.1)
    minitest (5.5.0)
    nokogiri (1.6.5)
      mini_portile (~> 0.6.0)
    rack (1.6.0)
    rack-test (0.6.2)
      rack (>= 1.0)
    rake (10.4.2)
    sequel (4.17.0)
    shotgun (0.9)
      rack (>= 1.0)
    slop (3.6.0)
    sqlite3 (1.3.10)
    thor (0.19.1)
    tilt (2.0.1)
    url_mount (0.2.1)
      rack
    xpath (2.0.0)
      nokogiri (~> 1.3)

PLATFORMS
  ruby

DEPENDENCIES
  bundler
  byebug
  capybara
  lotus-controller!
  lotus-model!
  lotus-router!
  lotus-utils!
  lotus-validations!
  lotus-view!
  lotusrb!
  minitest
  rake
  sqlite3
