GIT
  remote: git://github.com/lotus/controller.git
  revision: 975feb8788de34e1bc54011d0ac826b6152b1b11
  specs:
    lotus-controller (0.3.0.dev)
      lotus-utils (~> 0.3, >= 0.3.1.dev)
      lotus-validations (~> 0.1, >= 0.2.0.dev)
      rack (~> 1.5)

GIT
  remote: git://github.com/lotus/lotus.git
  revision: 29ca76f9a37755978097fd6c5d5283f8037502ec
  specs:
    lotusrb (0.2.0.dev)
      dotenv (~> 1.0)
      lotus-controller (>= 0.3.0.dev)
      lotus-model (>= 0.2.0.dev)
      lotus-router (>= 0.2.0.dev)
      lotus-utils (~> 0.3, >= 0.3.0.dev)
      lotus-view (>= 0.3.0.dev)
      shotgun (~> 0.9)
      thor (= 0.19.1)

GIT
  remote: git://github.com/lotus/model.git
  revision: 17b037ea2cb5897ab565e3bc265451717fc53895
  specs:
    lotus-model (0.2.0.dev)
      lotus-utils (~> 0.3, >= 0.3.2.dev)
      sequel (~> 4.9)

GIT
  remote: git://github.com/lotus/router.git
  revision: a7512b936878c48bba9572b21d1eceb70df7ff10
  specs:
    lotus-router (0.2.0.dev)
      http_router (~> 0.11)
      lotus-utils (~> 0.3, >= 0.3.1.dev)

GIT
  remote: git://github.com/lotus/utils.git
  revision: 54d050197dee4b397ace26693a482de2ab8d31fe
  specs:
    lotus-utils (0.3.2.dev)

GIT
  remote: git://github.com/lotus/validations.git
  revision: 2d68cc8a45c5afe28da557ae73789c63cab57446
  specs:
    lotus-validations (0.2.1.dev)
      lotus-utils (~> 0.3, >= 0.3.1)

GIT
  remote: git://github.com/lotus/view.git
  revision: ce56fdbd9f0814354c4701313b807718288cc953
  specs:
    lotus-view (0.3.0.dev)
      lotus-utils (~> 0.3, >= 0.3.0.dev)
      tilt (~> 2.0, >= 2.0.1)

GEM
  remote: https://rubygems.org/
  specs:
    capybara (2.4.4)
      mime-types (>= 1.16)
      nokogiri (>= 1.3.3)
      rack (>= 1.0.0)
      rack-test (>= 0.5.4)
      xpath (~> 2.0)
    dotenv (1.0.2)
    http_router (0.11.1)
      rack (>= 1.0.0)
      url_mount (~> 0.2.1)
    mime-types (2.4.3)
    mini_portile (0.6.1)
    minitest (5.5.0)
    nokogiri (1.6.5)
      mini_portile (~> 0.6.0)
    rack (1.5.2)
    rack-test (0.6.2)
      rack (>= 1.0)
    rake (10.4.2)
    sequel (4.17.0)
    shotgun (0.9)
      rack (>= 1.0)
    sqlite3 (1.3.10)
    thor (0.19.1)
    tilt (2.0.1)
    url_mount (0.2.1)
      rack
    xpath (2.0.0)
      nokogiri (~> 1.3)

PLATFORMS
  ruby

DEPENDENCIES
  bundler
  capybara
  lotus-controller!
  lotus-model!
  lotus-router!
  lotus-utils!
  lotus-validations!
  lotus-view!
  lotusrb!
  minitest
  rake
  sqlite3
