GEM
  remote: https://rubygems.org/
  specs:
    bcrypt (3.1.9)
    byebug (3.5.1)
      columnize (~> 0.8)
      debugger-linecache (~> 1.2)
      slop (~> 3.6)
    capybara (2.4.4)
      mime-types (>= 1.16)
      nokogiri (>= 1.3.3)
      rack (>= 1.0.0)
      rack-test (>= 0.5.4)
      xpath (~> 2.0)
    columnize (0.9.0)
    debugger-linecache (1.2.0)
    diff-lcs (1.2.5)
    dotenv (1.0.2)
    foreman (0.77.0)
      dotenv (~> 1.0.2)
      thor (~> 0.19.1)
    http_router (0.11.1)
      rack (>= 1.0.0)
      url_mount (~> 0.2.1)
    lotus-controller (0.3.1)
      lotus-utils (~> 0.3, >= 0.3.2)
      lotus-validations (~> 0.2, >= 0.2.2)
      rack (~> 1.5)
    lotus-model (0.2.2)
      lotus-utils (~> 0.3, >= 0.3.2)
      sequel (~> 4.9)
    lotus-router (0.2.0)
      http_router (~> 0.11)
      lotus-utils (~> 0.3, >= 0.3.2)
    lotus-utils (0.3.3)
    lotus-validations (0.2.3)
      lotus-utils (~> 0.3, >= 0.3.3)
    lotus-view (0.3.0)
      lotus-utils (~> 0.3, >= 0.3.2)
      tilt (~> 2.0, >= 2.0.1)
    lotusrb (0.2.0)
      dotenv (~> 1.0)
      lotus-controller (~> 0.3)
      lotus-router (~> 0.2)
      lotus-utils (~> 0.3, >= 0.3.2)
      lotus-view (~> 0.3)
      shotgun (~> 0.9)
      thor (~> 0.19)
    mime-types (2.4.3)
    mini_portile (0.6.2)
    minitest (5.5.1)
    nokogiri (1.6.5)
      mini_portile (~> 0.6.0)
    pg (0.18.1)
    puma (2.11.0)
      rack (>= 1.1, < 2.0)
    rack (1.6.0)
    rack-test (0.6.3)
      rack (>= 1.0)
    rake (10.4.2)
    rspec (3.1.0)
      rspec-core (~> 3.1.0)
      rspec-expectations (~> 3.1.0)
      rspec-mocks (~> 3.1.0)
    rspec-core (3.1.7)
      rspec-support (~> 3.1.0)
    rspec-expectations (3.1.2)
      diff-lcs (>= 1.2.0, < 2.0)
      rspec-support (~> 3.1.0)
    rspec-mocks (3.1.3)
      rspec-support (~> 3.1.0)
    rspec-support (3.1.2)
    sequel (4.18.0)
    shotgun (0.9)
      rack (>= 1.0)
    slop (3.6.0)
    sqlite3 (1.3.10)
    thor (0.19.1)
    tilt (2.0.1)
    url_mount (0.2.1)
      rack
    xpath (2.0.0)
      nokogiri (~> 1.3)

PLATFORMS
  ruby

DEPENDENCIES
  bcrypt
  bundler
  byebug
  capybara
  foreman
  lotus-model
  lotusrb
  minitest
  pg
  puma
  rake
  rspec
  sqlite3
